PATH
  remote: .
  specs:
    powerpoint (1.8.1)
      fastimage (~> 1)
      rubyzip (~> 1)

GEM
  remote: https://rubygems.org/
  specs:
    addressable (2.3.8)
    coderay (1.1.2)
    diff-lcs (1.3)
    fastimage (1.9.0)
      addressable (~> 2.3.5)
    method_source (0.9.2)
    pry (0.12.2)
      coderay (~> 1.1.0)
      method_source (~> 0.9.0)
    rake (13.0.1)
    rspec (2.13.0)
      rspec-core (~> 2.13.0)
      rspec-expectations (~> 2.13.0)
      rspec-mocks (~> 2.13.0)
    rspec-core (2.13.1)
    rspec-expectations (2.13.0)
      diff-lcs (>= 1.1.3, < 2.0)
    rspec-mocks (2.13.1)
    rubyzip (1.3.0)

PLATFORMS
  ruby

DEPENDENCIES
  bundler (~> 1.3)
  powerpoint!
  pry
  rake
  rspec (~> 2.13.0)

BUNDLED WITH
   1.17.2
